PATH
  remote: ../..
  specs:
    mini-rails (0.1)

GEM
  remote: https://rubygems.org/
  specs:
    minitest (5.16.3)
    rake (10.5.0)
    sqlite3 (1.5.0-x86_64-darwin)

PLATFORMS
  x86_64-darwin-20

DEPENDENCIES
  bundler (~> 2.3)
  mini-rails!
  minitest (~> 5.0)
  rake (~> 10.0)
  sqlite3

BUNDLED WITH
   2.3.6
